GEM
  remote: https://rubygems.org/
  specs:
    chunky_png (1.2.6)
    coderay (1.0.8)
    compass (0.12.2)
      chunky_png (~> 1.2)
      fssm (>= 0.2.7)
      sass (~> 3.1)
    compass-validator (3.0.1)
    fssm (0.2.9)
    gli (2.0.0)
    guard (1.5.4)
      listen (>= 0.4.2)
      lumberjack (>= 1.0.2)
      pry (>= 0.9.10)
      thor (>= 0.14.6)
    guard-compass (0.0.6)
      compass (>= 0.10.5)
      guard (>= 0.2.1)
    guard-sass (1.0.1)
      guard (>= 1.1.0)
      sass (>= 3.1)
    json_pure (1.7.5)
    listen (0.5.3)
    lumberjack (1.0.2)
    method_source (0.8.1)
    mime-types (1.19)
    modular-scale (1.0.2)
      compass (>= 0.11.5)
      sassy-math (>= 1.2)
    pagoda (0.6.2)
      gli (~> 2.0.0)
      pagoda-client
      pagoda-tunnel
      rest-client
      socketio-client
    pagoda-client (0.2.2)
      json_pure
      rest-client
    pagoda-tunnel (0.1.3)
      rest-client
    pry (0.9.10)
      coderay (~> 1.0.5)
      method_source (~> 0.8)
      slop (~> 3.3.1)
    rake (10.0.2)
    rest-client (1.6.7)
      mime-types (>= 1.16)
    sass (3.2.3)
    sassy-math (1.2)
      compass (~> 0.11)
    slop (3.3.3)
    socketio-client (0.0.3)
      rest-client
    thor (0.16.0)
    zurb-foundation (3.2.2)
      compass (>= 0.12.2)
      modular-scale (>= 1.0.2)
      rake
      sass (>= 3.2.0)

PLATFORMS
  ruby

DEPENDENCIES
  compass
  compass-validator
  guard
  guard-compass
  guard-sass
  pagoda
  sass
  zurb-foundation
